GEM
  remote: http://rubygems.org/
  specs:
    coderay (1.1.0)
    dbf (2.0.7)
      fastercsv (~> 1.5.4)
    elasticsearch (1.0.1)
      elasticsearch-api (= 1.0.1)
      elasticsearch-transport (= 1.0.1)
    elasticsearch-api (1.0.1)
      multi_json
    elasticsearch-transport (1.0.1)
      faraday
      multi_json
    faraday (0.9.0)
      multipart-post (>= 1.2, < 3)
    fastercsv (1.5.5)
    georuby (2.2.1)
    json (1.8.1)
    method_source (0.8.2)
    multi_json (1.9.2)
    multipart-post (2.0.0)
    pry (0.9.12.6)
      coderay (~> 1.0)
      method_source (~> 0.8)
      slop (~> 3.4)
    rack (1.5.2)
    rack-protection (1.5.2)
      rack
    sinatra (1.4.4)
      rack (~> 1.4)
      rack-protection (~> 1.4)
      tilt (~> 1.3, >= 1.3.4)
    slop (3.5.0)
    tilt (1.4.1)

PLATFORMS
  ruby

DEPENDENCIES
  dbf
  elasticsearch
  georuby
  json
  pry
  sinatra
